GEM
  remote: http://rubygems.org/
  specs:
    addressable (2.4.0)
    ast (2.2.0)
    codeclimate-test-reporter (0.4.8)
      simplecov (>= 0.7.1, < 1.0.0)
    coderay (1.1.0)
    crack (0.4.3)
      safe_yaml (~> 1.0.0)
    diff-lcs (1.2.5)
    docile (1.1.5)
    dotenv (2.1.0)
    foreman (0.78.0)
      thor (~> 0.19.1)
    hashdiff (0.3.0)
    json (1.8.3)
    kgio (2.10.0)
    macmillan-utils (1.0.27)
      codeclimate-test-reporter
      multi_test
      rspec
      rubocop
      simplecov
      simplecov-rcov
      syslog-logger
      webmock
    memoizable (0.4.2)
      thread_safe (~> 0.3, >= 0.3.1)
    method_source (0.8.2)
    multi_test (0.1.2)
    newrelic_rpm (3.14.3.313)
    parser (2.3.0.6)
      ast (~> 2.2)
    powerpack (0.1.1)
    pry (0.10.3)
      coderay (~> 1.1.0)
      method_source (~> 0.8.1)
      slop (~> 3.4)
    puma (2.16.0)
    rack (1.6.4)
    rack-protection (1.5.3)
      rack
    rack-test (0.6.3)
      rack (>= 1.0)
    rainbow (2.1.0)
    raindrops (0.15.0)
    rake (10.5.0)
    rmagick (2.15.4)
    rspec (3.4.0)
      rspec-core (~> 3.4.0)
      rspec-expectations (~> 3.4.0)
      rspec-mocks (~> 3.4.0)
    rspec-core (3.4.2)
      rspec-support (~> 3.4.0)
    rspec-expectations (3.4.0)
      diff-lcs (>= 1.2.0, < 2.0)
      rspec-support (~> 3.4.0)
    rspec-mocks (3.4.1)
      diff-lcs (>= 1.2.0, < 2.0)
      rspec-support (~> 3.4.0)
    rspec-support (3.4.1)
    rubocop (0.37.2)
      parser (>= 2.3.0.4, < 3.0)
      powerpack (~> 0.1)
      rainbow (>= 1.99.1, < 3.0)
      ruby-progressbar (~> 1.7)
      unicode-display_width (~> 0.3)
    ruby-progressbar (1.7.5)
    safe_yaml (1.0.4)
    shotgun (0.9.1)
      rack (>= 1.0)
    simplecov (0.11.2)
      docile (~> 1.1.0)
      json (~> 1.8)
      simplecov-html (~> 0.10.0)
    simplecov-html (0.10.0)
    simplecov-rcov (0.2.3)
      simplecov (>= 0.4.1)
    sinatra (1.4.7)
      rack (~> 1.5)
      rack-protection (~> 1.4)
      tilt (>= 1.3, < 3)
    slop (3.6.0)
    statsd-ruby (1.3.0)
    streamio-ffmpeg (1.0.0)
    syslog-logger (1.6.8)
    thor (0.19.1)
    thread_safe (0.3.5)
    tilt (2.0.2)
    unicode-display_width (0.3.1)
    unicorn (5.0.1)
      kgio (~> 2.6)
      rack
      raindrops (~> 0.7)
    webmock (1.22.6)
      addressable (>= 2.3.6)
      crack (>= 0.3.2)
      hashdiff

PLATFORMS
  ruby

DEPENDENCIES
  dotenv
  foreman
  macmillan-utils
  memoizable
  newrelic_rpm
  pry
  puma
  rack-test
  rake
  rmagick (~> 2.13)
  rspec
  shotgun
  sinatra
  statsd-ruby
  streamio-ffmpeg (~> 1.0)
  unicorn

BUNDLED WITH
   1.11.2
